PATH
  remote: .
  specs:
    evil-front (0.1)

GEM
  remote: http://rubygems.org/
  specs:
    rake (10.0.3)

PLATFORMS
  ruby

DEPENDENCIES
  evil-front!
  rake
